GEM
  remote: http://rubygems.org/
  specs:
    addressable (2.4.0)
    builder (3.2.2)
    descendants_tracker (0.0.4)
      thread_safe (~> 0.3, >= 0.3.1)
    faraday (0.9.2)
      multipart-post (>= 1.2, < 3)
    flexmock (0.8.11)
    git (1.7.0)
      rchardet (~> 1.8)
    github_api (0.16.0)
      addressable (~> 2.4.0)
      descendants_tracker (~> 0.0.4)
      faraday (~> 0.8, < 0.10)
      hashie (>= 3.4)
      mime-types (>= 1.16, < 3.0)
      oauth2 (~> 1.0)
    hashie (4.1.0)
    highline (2.0.3)
    jeweler (2.3.9)
      builder
      bundler
      git (>= 1.2.5)
      github_api (~> 0.16.0)
      highline (>= 1.6.15)
      nokogiri (>= 1.5.10)
      psych
      rake
      rdoc
      semver2
    jwt (2.2.2)
    mail (2.6.1)
      mime-types (>= 1.16, < 3)
    mime-types (2.4.1)
    mini_portile2 (2.4.0)
    multi_json (1.15.0)
    multi_xml (0.6.0)
    multipart-post (2.1.1)
    nokogiri (1.10.10)
      mini_portile2 (~> 2.4.0)
    oauth2 (1.4.4)
      faraday (>= 0.8, < 2.0)
      jwt (>= 1.0, < 3.0)
      multi_json (~> 1.3)
      multi_xml (~> 0.5)
      rack (>= 1.2, < 3)
    power_assert (1.2.0)
    psych (3.1.0)
    rack (2.2.6.2)
    rake (13.0.1)
    rchardet (1.8.0)
    rdoc (6.2.0)
    semver2 (3.4.2)
    shoulda-context (1.2.1)
    test-unit (3.3.6)
      power_assert
    thread_safe (0.3.6)
    timecop (0.9.1)
    xml-simple (1.1.4)

PLATFORMS
  ruby

DEPENDENCIES
  builder
  bundler (>= 1.17)
  flexmock (~> 0.8.11)
  jeweler
  mail (> 2.2.5)
  mime-types
  rake
  shoulda-context
  test-unit
  timecop
  xml-simple

BUNDLED WITH
   1.17.3
